PATH
  remote: .
  specs:
    savon (0.9.14)
      akami (~> 1.1)
      builder (>= 2.1.2)
      gyoku (>= 0.4.0)
      httpi (~> 1.0)
      nokogiri (>= 1.4.0)
      nori (~> 1.1)
      wasabi (~> 2.2)

GEM
  remote: http://rubygems.org/
  specs:
    akami (1.1.0)
      gyoku (>= 0.4.0)
      nokogiri (>= 1.5.2)
    builder (3.0.0)
    diff-lcs (1.1.3)
    gyoku (0.4.5)
      builder (>= 2.1.2)
    httpclient (2.1.7.2)
    httpi (1.0.0)
      rack
    metaclass (0.0.1)
    mocha (0.11.4)
      metaclass (~> 0.0.1)
    nokogiri (1.5.3)
    nori (1.1.0)
    rack (1.4.1)
    rake (0.9.2.2)
    rspec (2.10.0)
      rspec-core (~> 2.10.0)
      rspec-expectations (~> 2.10.0)
      rspec-mocks (~> 2.10.0)
    rspec-core (2.10.1)
    rspec-expectations (2.10.0)
      diff-lcs (~> 1.1.3)
    rspec-mocks (2.10.1)
    timecop (0.3.5)
    wasabi (2.3.0)
      nokogiri (>= 1.4.0)

PLATFORMS
  ruby

DEPENDENCIES
  httpclient (~> 2.1.5)
  mocha (~> 0.11)
  rake (~> 0.9)
  rspec (~> 2.10)
  savon!
  timecop (~> 0.3)
